PATH
  remote: .
  specs:
    wordless (0.2.1)
      thor
      wordpress_tools (~> 0.0.1)

GEM
  remote: https://rubygems.org/
  specs:
    diff-lcs (1.1.3)
    fakeweb (1.3.0)
    rspec (2.8.0)
      rspec-core (~> 2.8.0)
      rspec-expectations (~> 2.8.0)
      rspec-mocks (~> 2.8.0)
    rspec-core (2.8.0)
    rspec-expectations (2.8.0)
      diff-lcs (~> 1.1.2)
    rspec-mocks (2.8.0)
    thor (0.14.6)
    wordpress_tools (0.0.1)
      thor

PLATFORMS
  ruby

DEPENDENCIES
  fakeweb
  rspec
  wordless!
