PATH
  remote: .
  specs:
    wordless (0.3.0)
      activesupport
      compass
      thor
      wordpress_tools (~> 0.0.2)

GEM
  remote: https://rubygems.org/
  specs:
    activesupport (4.0.0)
      i18n (~> 0.6, >= 0.6.4)
      minitest (~> 4.2)
      multi_json (~> 1.3)
      thread_safe (~> 0.1)
      tzinfo (~> 0.3.37)
    atomic (1.1.13)
    chunky_png (1.2.8)
    compass (0.12.2)
      chunky_png (~> 1.2)
      fssm (>= 0.2.7)
      sass (~> 3.1)
    diff-lcs (1.2.4)
    fakeweb (1.3.0)
    fssm (0.2.10)
    i18n (0.6.5)
    minitest (4.7.5)
    multi_json (1.7.9)
    rake (10.1.0)
    rspec (2.14.1)
      rspec-core (~> 2.14.0)
      rspec-expectations (~> 2.14.0)
      rspec-mocks (~> 2.14.0)
    rspec-core (2.14.5)
    rspec-expectations (2.14.2)
      diff-lcs (>= 1.1.3, < 2.0)
    rspec-mocks (2.14.3)
    sass (3.2.10)
    thor (0.18.1)
    thread_safe (0.1.2)
      atomic
    tzinfo (0.3.37)
    wordpress_tools (0.0.2)
      rake
      thor

PLATFORMS
  ruby

DEPENDENCIES
  fakeweb
  rspec
  wordless!
